GEM
  remote: http://rubygems.org/
  specs:
    ZenTest (4.8.1)
    activemodel (3.1.0)
      activesupport (= 3.1.0)
      bcrypt-ruby (~> 3.0.0)
      builder (~> 3.0.0)
      i18n (~> 0.6)
    activerecord (3.1.0)
      activemodel (= 3.1.0)
      activesupport (= 3.1.0)
      arel (~> 2.2.1)
      tzinfo (~> 0.3.29)
    activesupport (3.1.0)
      multi_json (~> 1.0)
    arel (2.2.3)
    autotest-growl (0.2.16)
    bcrypt-ruby (3.0.1)
    builder (3.0.0)
    i18n (0.6.0)
    minitest (3.1.0)
    multi_json (1.3.6)
    rake (0.9.2.2)
    sqlite3 (1.3.6)
    tzinfo (0.3.33)

PLATFORMS
  ruby

DEPENDENCIES
  ZenTest
  activerecord (= 3.1.0)
  activerecord-jdbcsqlite3-adapter
  activesupport (= 3.1.0)
  autotest-growl
  minitest
  rake
  sqlite3
